PATH
  remote: .
  specs:
    adobe_doc_api (0.2.0)
      faraday (~> 1.8)
      faraday_middleware (~> 1.2)
      jwt (~> 2.3.0)
      openssl (~> 2.2.1)

GEM
  remote: https://rubygems.org/
  specs:
    faraday (1.10.3)
      faraday-em_http (~> 1.0)
      faraday-em_synchrony (~> 1.0)
      faraday-excon (~> 1.1)
      faraday-httpclient (~> 1.0)
      faraday-multipart (~> 1.0)
      faraday-net_http (~> 1.0)
      faraday-net_http_persistent (~> 1.0)
      faraday-patron (~> 1.0)
      faraday-rack (~> 1.0)
      faraday-retry (~> 1.0)
      ruby2_keywords (>= 0.0.4)
    faraday-em_http (1.0.0)
    faraday-em_synchrony (1.0.0)
    faraday-excon (1.1.0)
    faraday-httpclient (1.0.1)
    faraday-multipart (1.0.4)
      multipart-post (~> 2)
    faraday-net_http (1.0.1)
    faraday-net_http_persistent (1.2.0)
    faraday-patron (1.0.0)
    faraday-rack (1.0.0)
    faraday-retry (1.0.3)
    faraday_middleware (1.2.0)
      faraday (~> 1.0)
    ipaddr (1.2.5)
    jwt (2.3.0)
    minitest (5.15.0)
    multipart-post (2.3.0)
    openssl (2.2.3)
      ipaddr
    rake (13.0.6)
    ruby2_keywords (0.0.5)

PLATFORMS
  x86_64-darwin-19
  x86_64-linux

DEPENDENCIES
  adobe_doc_api!
  minitest (~> 5.0)
  rake (~> 13.0)

BUNDLED WITH
   2.2.32
